GIT
  remote: git://github.com/karmi/tire.git
  revision: 19e524cb2a7e6b11217e492cf04fd747238b94cd
  specs:
    tire (0.6.1)
      activemodel (>= 3.0)
      activesupport
      ansi
      hashr (~> 0.0.19)
      multi_json (~> 1.3)
      rake
      rest-client (~> 1.6)

PATH
  remote: core
  specs:
    core (0.0.1)
      mocha (= 0.14.0)
      rails (= 4.0.2)
      sqlite3

GEM
  remote: https://rubygems.org/
  specs:
    actionmailer (4.0.2)
      actionpack (= 4.0.2)
      mail (~> 2.5.4)
    actionpack (4.0.2)
      activesupport (= 4.0.2)
      builder (~> 3.1.0)
      erubis (~> 2.7.0)
      rack (~> 1.5.2)
      rack-test (~> 0.6.2)
    activemodel (4.0.2)
      activesupport (= 4.0.2)
      builder (~> 3.1.0)
    activerecord (4.0.2)
      activemodel (= 4.0.2)
      activerecord-deprecated_finders (~> 1.0.2)
      activesupport (= 4.0.2)
      arel (~> 4.0.0)
    activerecord-deprecated_finders (1.0.3)
    activesupport (4.0.2)
      i18n (~> 0.6, >= 0.6.4)
      minitest (~> 4.2)
      multi_json (~> 1.3)
      thread_safe (~> 0.1)
      tzinfo (~> 0.3.37)
    ansi (1.4.3)
    arel (4.0.1)
    atomic (1.1.14)
    awesome_print (1.2.0)
    bcrypt-ruby (3.1.2)
    binding_of_caller (0.7.2)
      debug_inspector (>= 0.0.1)
    bond (0.5.0)
    bootstrap-datepicker-rails (1.1.1.11)
      railties (>= 3.0)
    bootstrap-datetimepicker-rails (0.0.11)
    builder (3.1.4)
    cancan (1.6.10)
    childprocess (0.3.9)
      ffi (~> 1.0, >= 1.0.11)
    climate_control (0.0.3)
      activesupport (>= 3.0)
    cocaine (0.5.3)
      climate_control (>= 0.0.3, < 1.0)
    coderay (1.1.0)
    coffee-rails (4.0.1)
      coffee-script (>= 2.2.0)
      railties (>= 4.0.0, < 5.0)
    coffee-script (2.2.0)
      coffee-script-source
      execjs
    coffee-script-source (1.6.3)
    columnize (0.3.6)
    commonjs (0.2.7)
    daemons (1.1.9)
    debug_inspector (0.0.2)
    debugger (1.6.5)
      columnize (>= 0.3.1)
      debugger-linecache (~> 1.2.0)
      debugger-ruby_core_source (~> 1.3.1)
    debugger-linecache (1.2.0)
    debugger-ruby_core_source (1.3.1)
    devise (3.0.4)
      bcrypt-ruby (~> 3.0)
      orm_adapter (~> 0.1)
      railties (>= 3.2.6, < 5)
      warden (~> 1.2.3)
    devise-i18n (0.10.2)
    erubis (2.7.0)
    eventmachine (1.0.3)
    execjs (2.0.2)
    factory_girl (4.3.0)
      activesupport (>= 3.0.0)
    factory_girl_rails (4.3.0)
      factory_girl (~> 4.3.0)
      railties (>= 3.0.0)
    ffi (1.9.3)
    haml (4.0.4)
      tilt
    haml-rails (0.5.3)
      actionpack (>= 4.0.1)
      activesupport (>= 4.0.1)
      haml (>= 3.1, < 5.0)
      railties (>= 4.0.1)
    hashr (0.0.22)
    headless (1.0.1)
    hike (1.2.3)
    hpricot (0.8.6)
    i18n (0.6.9)
    i18n-js (2.1.2)
      i18n
    interception (0.3)
    jist (1.5.1)
      json
    jquery-datatables-rails (1.12.2)
      jquery-rails
    jquery-rails (3.0.4)
      railties (>= 3.0, < 5.0)
      thor (>= 0.14, < 2.0)
    json (1.8.1)
    less (2.4.0)
      commonjs (~> 0.2.7)
    less-rails (2.4.2)
      actionpack (>= 3.1)
      less (~> 2.4.0)
    libv8 (3.16.14.3)
    mail (2.5.4)
      mime-types (~> 1.16)
      treetop (~> 1.4.8)
    metaclass (0.0.1)
    method_source (0.8.2)
    mime-types (1.25.1)
    minitest (4.7.5)
    mocha (0.14.0)
      metaclass (~> 0.0.1)
    multi_json (1.8.2)
    mysql2 (0.3.14)
    nested_form (0.3.2)
    orm_adapter (0.5.0)
    paperclip (3.5.2)
      activemodel (>= 3.0.0)
      activesupport (>= 3.0.0)
      cocaine (~> 0.5.3)
      mime-types
    polyglot (0.3.3)
    protected_attributes (1.0.5)
      activemodel (>= 4.0.1, < 5.0)
    pry (0.9.12.4)
      coderay (~> 1.0)
      method_source (~> 0.8)
      slop (~> 3.4)
    pry-debugger (0.2.2)
      debugger (~> 1.3)
      pry (~> 0.9.10)
    pry-debundle (0.7)
      pry
    pry-doc (0.5.1)
      pry (>= 0.9)
      yard (>= 0.8)
    pry-docmore (0.1.1)
      pry
      pry-doc
    pry-plus (1.0.0)
      bond
      jist
      pry-debugger
      pry-doc
      pry-docmore
      pry-rescue
      pry-stack_explorer
    pry-rails (0.3.2)
      pry (>= 0.9.10)
    pry-rescue (1.2.0)
      interception (>= 0.3)
      pry
    pry-stack_explorer (0.4.9.1)
      binding_of_caller (>= 0.7)
      pry (>= 0.9.11)
    rack (1.5.2)
    rack-test (0.6.2)
      rack (>= 1.0)
    rails (4.0.2)
      actionmailer (= 4.0.2)
      actionpack (= 4.0.2)
      activerecord (= 4.0.2)
      activesupport (= 4.0.2)
      bundler (>= 1.3.0, < 2.0)
      railties (= 4.0.2)
      sprockets-rails (~> 2.0.0)
    railties (4.0.2)
      actionpack (= 4.0.2)
      activesupport (= 4.0.2)
      rake (>= 0.8.7)
      thor (>= 0.18.1, < 2.0)
    rake (10.1.1)
    ref (1.0.5)
    rename (1.0.2)
      rails (>= 3.0.0)
    rest-client (1.6.7)
      mime-types (>= 1.16)
    ruby_parser (3.2.2)
      sexp_processor (~> 4.1)
    rubyzip (1.1.0)
    rufus-scheduler (3.0.3)
      tzinfo
    sass (3.2.13)
    sass-rails (4.0.1)
      railties (>= 4.0.0, < 5.0)
      sass (>= 3.1.10)
      sprockets-rails (~> 2.0.0)
    selenium-webdriver (2.39.0)
      childprocess (>= 0.2.5)
      multi_json (~> 1.0)
      rubyzip (~> 1.0)
      websocket (~> 1.0.4)
    sexp_processor (4.4.1)
    slop (3.4.7)
    sprockets (2.10.1)
      hike (~> 1.2)
      multi_json (~> 1.0)
      rack (~> 1.0)
      tilt (~> 1.1, != 1.3.0)
    sprockets-rails (2.0.1)
      actionpack (>= 3.0)
      activesupport (>= 3.0)
      sprockets (~> 2.8)
    sqlite3 (1.3.8)
    therubyracer (0.12.0)
      libv8 (~> 3.16.14.0)
      ref
    thin (1.6.1)
      daemons (>= 1.0.9)
      eventmachine (>= 1.0.0)
      rack (>= 1.0.0)
    thor (0.18.1)
    thread_safe (0.1.3)
      atomic
    tilt (1.4.1)
    tlsmail (0.0.1)
    treetop (1.4.15)
      polyglot
      polyglot (>= 0.3.1)
    twitter-bootstrap-rails (2.2.8)
      actionpack (>= 3.1)
      execjs
      rails (>= 3.1)
      railties (>= 3.1)
    tzinfo (0.3.38)
    uglifier (2.4.0)
      execjs (>= 0.3.0)
      json (>= 1.8.0)
    warden (1.2.3)
      rack (>= 1.0)
    websocket (1.0.7)
    workflow (1.0.0)
    yard (0.8.7.3)

PLATFORMS
  ruby

DEPENDENCIES
  awesome_print
  bootstrap-datepicker-rails
  bootstrap-datetimepicker-rails
  cancan
  coffee-rails (= 4.0.1)
  core!
  devise (= 3.0.4)
  devise-i18n
  factory_girl_rails
  haml-rails
  headless
  hpricot
  i18n-js
  jquery-datatables-rails
  jquery-rails
  json
  less-rails
  mocha (= 0.14.0)
  mysql2
  nested_form
  paperclip
  protected_attributes
  pry-debugger
  pry-debundle
  pry-plus
  pry-rails
  rails (= 4.0.2)
  rename
  ruby_parser
  rufus-scheduler
  sass-rails (= 4.0.1)
  selenium-webdriver (= 2.39.0)
  sqlite3
  therubyracer
  thin
  tire!
  tlsmail
  twitter-bootstrap-rails
  uglifier (= 2.4.0)
  workflow
